GEM
  remote: https://rubygems.org/
  specs:
    json (1.8.2)
    pg (0.18.1)
    rake (10.4.2)
    rethinkdb (1.16.0.0)
      json

PLATFORMS
  ruby

DEPENDENCIES
  pg
  rake
  rethinkdb
